GEM
  remote: http://rubygems.org/
  specs:
    activesupport (3.2.8)
      i18n (~> 0.6)
      multi_json (~> 1.0)
    builder (3.1.3)
    edavis10-object_daddy (0.4.3)
    factory_girl (4.0.0)
      activesupport (>= 3.0.0)
    fakeweb (1.3.0)
    fast_context (1.0.0)
      shoulda
    happymapper (0.4.0)
      libxml-ruby (~> 2.0)
    i18n (0.6.1)
    libxml-ruby (2.3.3)
    mime-types (1.19)
    multi_json (1.3.6)
    nokogiri (1.5.5)
    pivotal-tracker (0.5.6)
      builder
      builder
      happymapper (>= 0.3.2)
      happymapper (>= 0.3.2)
      nokogiri (>= 1.4.3)
      nokogiri (~> 1.4)
      rest-client (~> 1.6.0)
      rest-client (~> 1.6.0)
    rack (1.4.1)
    rack-protection (1.2.0)
      rack
    rack-test (0.6.1)
      rack (>= 1.0)
    rest-client (1.6.7)
      mime-types (>= 1.16)
    shoulda (3.1.1)
      shoulda-context (~> 1.0)
      shoulda-matchers (~> 1.2)
    shoulda-context (1.0.0)
    shoulda-matchers (1.3.0)
      activesupport (>= 3.0.0)
    sinatra (1.3.3)
      rack (~> 1.3, >= 1.3.6)
      rack-protection (~> 1.2)
      tilt (~> 1.3, >= 1.3.3)
    tilt (1.3.3)
    unicode (0.4.3)
    wirble (0.1.3)

PLATFORMS
  ruby

DEPENDENCIES
  edavis10-object_daddy
  factory_girl
  fakeweb
  fast_context
  libxml-ruby
  mime-types
  pivotal-tracker
  rack
  rack-test
  rest-client
  sinatra
  unicode
  wirble
